GEM
  remote: https://rubygems.org/
  specs:
    cairo (1.16.5)
      native-package-installer (>= 1.0.3)
      pkg-config (>= 1.2.2)
    cairo-gobject (3.4.3)
      cairo (>= 1.16.2)
      glib2 (= 3.4.3)
    glib2 (3.4.3)
      native-package-installer (>= 1.0.3)
      pkg-config (>= 1.3.5)
    gobject-introspection (3.4.3)
      glib2 (= 3.4.3)
    mustermann (1.1.1)
      ruby2_keywords (~> 0.0.1)
    native-package-installer (1.0.9)
    pango (3.4.3)
      cairo-gobject (= 3.4.3)
      gobject-introspection (= 3.4.3)
    pkg-config (1.4.1)
    rack (2.2.2)
    rack-protection (2.0.8.1)
      rack
    ruby2_keywords (0.0.2)
    sinatra (2.0.8.1)
      mustermann (~> 1.0)
      rack (~> 2.0)
      rack-protection (= 2.0.8.1)
      tilt (~> 2.0)
    tilt (2.0.10)

PLATFORMS
  ruby

DEPENDENCIES
  pango
  rack (>= 2.0.6)
  sinatra

BUNDLED WITH
   2.1.4
